GEM
  remote: https://rubygems.org/
  specs:
    activesupport (3.2.21)
      i18n (~> 0.6, >= 0.6.4)
      multi_json (~> 1.0)
    dotenv (0.11.1)
      dotenv-deployment (~> 0.0.2)
    dotenv-deployment (0.0.2)
    faraday (0.9.0)
      multipart-post (>= 1.2, < 3)
    faraday_middleware (0.9.1)
      faraday (>= 0.7.4, < 0.10)
    hashie (2.1.2)
    i18n (0.7.0)
    multi_json (1.10.1)
    multipart-post (2.0.0)
    pager_duty-connection (0.1.0)
      activesupport (>= 3.2, < 5.0)
      faraday (~> 0.8, < 0.10)
      faraday_middleware (~> 0.9.0)
      hashie (>= 1.2, < 2.2)
    rake (10.3.2)
    terminal-notifier (1.6.2)

PLATFORMS
  ruby

DEPENDENCIES
  activesupport (~> 3.2)
  dotenv
  hashie
  pager_duty-connection
  rake
  terminal-notifier
